GEM
  remote: https://rubygems.org/
  specs:
    nokogiri (1.16.3-x86_64-linux)
      racc (~> 1.4)
    optimist (3.1.0)
    pairtree (0.3.0)
    parallel (1.24.0)
    racc (1.7.3)

PLATFORMS
  x86_64-linux

DEPENDENCIES
  nokogiri
  optimist
  pairtree
  parallel

BUNDLED WITH
   2.3.7
